GEM
  remote: https://rubygems.org/
  specs:
    bcrypt (3.1.11)
    msgpack (1.1.0)
    oj (2.18.5)
    sqlite3 (1.3.13)

PLATFORMS
  ruby

DEPENDENCIES
  bcrypt
  msgpack
  oj
  sqlite3

BUNDLED WITH
   1.14.6
